GEM
  remote: https://rubygems.org/
  specs:
    coderay (1.1.2)
    mecab (0.996)
    method_source (0.9.0)
    pry (0.11.3)
      coderay (~> 1.1.0)
      method_source (~> 0.9.0)
    pycall (1.0.3)
    ruby-progressbar (1.10.0)

PLATFORMS
  ruby

DEPENDENCIES
  mecab
  pry
  pycall
  ruby-progressbar

BUNDLED WITH
   1.16.2
